GEM
  remote: http://rubygems.org/
  specs:
    haddock (0.2.2)
    json (1.5.4)
    rack (1.3.2)
    sinatra (1.2.6)
      rack (~> 1.1)
      tilt (< 2.0, >= 1.2.2)
    tilt (1.3.3)

PLATFORMS
  ruby

DEPENDENCIES
  haddock
  json
  sinatra
